GEM
  remote: https://rubygems.org/
  specs:
    nio4r (2.5.7)
    puma (4.3.8)
      nio4r (~> 2.0)
    rack (2.1.4)
    rack-unreloader (1.7.0)

PLATFORMS
  ruby

DEPENDENCIES
  puma
  rack
  rack-unreloader
