GEM
  remote: https://rubygems.org/
  specs:
    nio4r (2.5.8)
    puma (4.3.12)
      nio4r (~> 2.0)
    rack (2.2.6.4)
    rack-unreloader (1.7.0)

PLATFORMS
  ruby

DEPENDENCIES
  puma
  rack
  rack-unreloader
